PATH
  remote: .
  specs:
    visibilize (0.1.1)

GEM
  remote: https://rubygems.org/
  specs:
    activemodel (7.0.4.1)
      activesupport (= 7.0.4.1)
    activerecord (7.0.4.1)
      activemodel (= 7.0.4.1)
      activesupport (= 7.0.4.1)
    activesupport (7.0.4.1)
      concurrent-ruby (~> 1.0, >= 1.0.2)
      i18n (>= 1.6, < 2)
      minitest (>= 5.1)
      tzinfo (~> 2.0)
    concurrent-ruby (1.1.10)
    diff-lcs (1.3)
    i18n (1.12.0)
      concurrent-ruby (~> 1.0)
    minitest (5.17.0)
    mysql2 (0.5.3)
    rake (12.3.3)
    rspec (3.8.0)
      rspec-core (~> 3.8.0)
      rspec-expectations (~> 3.8.0)
      rspec-mocks (~> 3.8.0)
    rspec-core (3.8.2)
      rspec-support (~> 3.8.0)
    rspec-expectations (3.8.4)
      diff-lcs (>= 1.2.0, < 2.0)
      rspec-support (~> 3.8.0)
    rspec-mocks (3.8.1)
      diff-lcs (>= 1.2.0, < 2.0)
      rspec-support (~> 3.8.0)
    rspec-support (3.8.2)
    tzinfo (2.0.5)
      concurrent-ruby (~> 1.0)
    yaml (0.1.0)

PLATFORMS
  ruby

DEPENDENCIES
  activerecord (~> 7.0)
  bundler (~> 2.0)
  mysql2 (~> 0.5.3)
  rake (~> 12.3.3)
  rspec (~> 3.0)
  visibilize!
  yaml (~> 0.1.0)

BUNDLED WITH
   2.1.4
